GEM
  remote: https://rubygems.org/
  remote: https://gems.apollogrp.edu/
  specs:
    bson (1.8.5)
    bson_ext (1.8.5)
      bson (~> 1.8.5)
    crack (0.3.2)
    mime-types (1.23)
    moneta (0.7.15)
    mongo (1.8.5)
      bson (~> 1.8.5)
    mongodb (2.1.0)
      mongo (~> 1.5)
    redis (3.0.4)
    rest-client (1.6.7)
      mime-types (>= 1.16)

PLATFORMS
  ruby

DEPENDENCIES
  bson_ext
  crack
  moneta
  mongodb
  redis
  rest-client
