PATH
  remote: .
  specs:
    storehouse_client (0.0.5)
      crack
      rest-client

GEM
  remote: https://rubygems.org/
  specs:
    crack (0.3.2)
    diff-lcs (1.2.1)
    lorem (0.1.2)
    mime-types (1.23)
    rest-client (1.6.7)
      mime-types (>= 1.16)
    rspec (2.13.0)
      rspec-core (~> 2.13.0)
      rspec-expectations (~> 2.13.0)
      rspec-mocks (~> 2.13.0)
    rspec-core (2.13.0)
    rspec-expectations (2.13.0)
      diff-lcs (>= 1.1.3, < 2.0)
    rspec-mocks (2.13.0)

PLATFORMS
  ruby

DEPENDENCIES
  lorem
  rspec
  storehouse_client!
